GEM
  remote: https://rubygems.org/
  specs:
    addressable (2.3.3)
    coderay (1.0.8)
    configuration (1.3.2)
    faraday (0.8.7)
      multipart-post (~> 1.1)
    faraday_middleware (0.9.0)
      faraday (>= 0.7.4, < 0.9)
    gosu (0.7.47.1)
    hashie (1.2.0)
    method_source (0.8.1)
    multi_json (1.7.2)
    multipart-post (1.2.0)
    netrc (0.7.7)
    octokit (1.23.0)
      addressable (~> 2.2)
      faraday (~> 0.8)
      faraday_middleware (~> 0.9)
      hashie (~> 1.2)
      multi_json (~> 1.3)
      netrc (~> 0.7.7)
    pry (0.9.10)
      coderay (~> 1.0.5)
      method_source (~> 0.8)
      slop (~> 3.3.1)
    rtanque (0.0.2)
      configuration (~> 1.3.2)
      gosu (~> 0.7.45)
      octokit (~> 1.23.0)
      thor (~> 0.17.0)
    slop (3.3.3)
    thor (0.17.0)

PLATFORMS
  ruby

DEPENDENCIES
  pry
  rtanque
